PATH
  remote: .
  specs:
    user_agent_parser (2.4.1)

GEM
  remote: https://rubygems.org/
  specs:
    coveralls (0.8.21)
      json (>= 1.8, < 3)
      simplecov (~> 0.14.1)
      term-ansicolor (~> 1.3)
      thor (~> 0.19.4)
      tins (~> 1.6)
    docile (1.1.5)
    json (2.1.0)
    minitest (5.11.3)
    rake (12.3.1)
    simplecov (0.14.1)
      docile (~> 1.1.0)
      json (>= 1.8, < 3)
      simplecov-html (~> 0.10.0)
    simplecov-html (0.10.2)
    term-ansicolor (1.6.0)
      tins (~> 1.0)
    thor (0.19.4)
    tins (1.16.3)

PLATFORMS
  ruby

DEPENDENCIES
  coveralls (= 0.8.21)
  minitest
  rake
  user_agent_parser!

BUNDLED WITH
   1.16.4
