PATH
  remote: .
  specs:
    user_agent_parser (2.5.0)

GEM
  remote: https://rubygems.org/
  specs:
    coveralls_reborn (0.12.0)
      json (~> 2.1)
      simplecov (~> 0.16.1)
      term-ansicolor (~> 1.6)
      thor (~> 0.20.0)
      tins (~> 1.16)
    docile (1.3.1)
    json (2.1.0)
    json (2.1.0-java)
    minitest (5.11.3)
    rake (12.3.1)
    simplecov (0.16.1)
      docile (~> 1.1)
      json (>= 1.8, < 3)
      simplecov-html (~> 0.10.0)
    simplecov-html (0.10.2)
    term-ansicolor (1.7.0)
      tins (~> 1.0)
    thor (0.20.0)
    tins (1.18.0)

PLATFORMS
  java
  ruby

DEPENDENCIES
  coveralls_reborn
  minitest
  rake
  user_agent_parser!

BUNDLED WITH
   1.17.1
